NUGET
  remote: http://nuget.org/api/v2
  specs:
    FAKE (3.5.8)
