NUGET
  remote: http://nuget.org/api/v2
  specs:
    Dynamitey (1.0.2.0)
    FAKE (3.5.8)
    FSharp.Dynamic (1.4.2.0)
      Dynamitey (>= 1.0.2.0)
    Microsoft.AspNet.SignalR.Core (2.1.2)
      Microsoft.Owin (>= 2.0.1)
      Microsoft.Owin.Security (>= 2.0.1)
      Newtonsoft.Json (>= 6.0.4)
      Owin (>= 1.0)
    Microsoft.AspNet.SignalR.Owin (1.2.2)
      Microsoft.AspNet.SignalR.Core (>= 1.2.2)
      Owin (>= 1.0)
    Microsoft.Owin (3.0.0)
      Owin (>= 1.0)
    Microsoft.Owin.Diagnostics (3.0.0)
      Microsoft.Owin (>= 3.0.0)
      Owin (>= 1.0)
    Microsoft.Owin.Host.HttpListener (3.0.0)
    Microsoft.Owin.Hosting (3.0.0)
      Microsoft.Owin (>= 3.0.0)
      Owin (>= 1.0)
    Microsoft.Owin.Security (3.0.0)
      Microsoft.Owin (>= 3.0.0)
      Owin (>= 1.0)
    Microsoft.Owin.SelfHost (3.0.0)
      Microsoft.Owin (>= 3.0.0)
      Microsoft.Owin.Diagnostics (>= 3.0.0)
      Microsoft.Owin.Host.HttpListener (>= 3.0.0)
      Microsoft.Owin.Hosting (>= 3.0.0)
      Owin (>= 1.0)
    Newtonsoft.Json (6.0.5)
    Owin (1.0)
